GEM
  remote: https://rubygems.org/
  specs:
    api-auth (1.2.0)
    mini_portile (0.6.0)
    nokogiri (1.6.2.1)
      mini_portile (= 0.6.0)

PLATFORMS
  ruby

DEPENDENCIES
  api-auth
  nokogiri
